GEM
  remote: https://rubygems.org/
  specs:
    colorize (0.8.1)
    matrix (0.4.2)
    origami (2.1.0)
      colorize (~> 0.7)
    rexml (3.2.8)
      strscan (>= 3.0.9)
    strscan (3.1.0)

PLATFORMS
  ruby
  x86_64-linux

DEPENDENCIES
  matrix
  origami
  rexml

RUBY VERSION
   ruby 3.3.0p0

BUNDLED WITH
   2.5.6
